GEM
  remote: https://rubygems.org/
  specs:
    backports (3.6.8)
    concurrent-ruby (1.0.5)
    ffi (1.9.18-x86-mingw32)
    ffi-win32-extensions (1.0.3)
      ffi
    multi_json (1.12.1)
    net-ping (2.0.1)
    puma (3.7.1)
    rack (1.6.5)
    rack-protection (1.5.3)
      rack
    rack-test (0.6.3)
      rack (>= 1.0)
    sequel (4.44.0)
    sinatra (1.4.8)
      rack (~> 1.5)
      rack-protection (~> 1.4)
      tilt (>= 1.3, < 3)
    sinatra-contrib (1.4.7)
      backports (>= 2.0)
      multi_json
      rack-protection
      rack-test
      sinatra (~> 1.4.0)
      tilt (>= 1.3, < 3)
    sqlite3 (1.3.12-x86-mingw32)
    tilt (2.0.6)
    win32-security (0.5.0)
      ffi
      ffi-win32-extensions

PLATFORMS
  x86-mingw32

DEPENDENCIES
  concurrent-ruby
  net-ping
  puma
  sequel
  sinatra
  sinatra-contrib
  sqlite3
  win32-security

RUBY VERSION
   ruby 2.3.3p222

BUNDLED WITH
   1.13.7
